PATH
  remote: .
  specs:
    vendor (0.1.6)
      highline
      json
      rake
      rest-client
      ripl
      rubyzip
      thor

GEM
  remote: http://rubygems.org/
  specs:
    bond (0.4.1)
    diff-lcs (1.1.2)
    fakeweb (1.3.0)
    growl (1.0.3)
    guard (0.8.4)
      thor (~> 0.14.6)
    guard-rspec (0.5.0)
      guard (>= 0.8.4)
    highline (1.6.2)
    json (1.6.5)
    mime-types (1.17.2)
    rake (0.9.2.2)
    rest-client (1.6.7)
      mime-types (>= 1.16)
    ripl (0.5.1)
      bond (~> 0.4.0)
    rspec (2.6.0)
      rspec-core (~> 2.6.0)
      rspec-expectations (~> 2.6.0)
      rspec-mocks (~> 2.6.0)
    rspec-core (2.6.4)
    rspec-expectations (2.6.0)
      diff-lcs (~> 1.1.2)
    rspec-mocks (2.6.0)
    rubyzip (0.9.4)
    thor (0.14.6)

PLATFORMS
  ruby

DEPENDENCIES
  fakeweb
  growl
  guard
  guard-rspec
  rspec
  vendor!
